GEM
  specs:
    diff-lcs (1.1.2)
    rake (0.8.7)
    rspec (2.4.0)
      rspec-core (~> 2.4.0)
      rspec-expectations (~> 2.4.0)
      rspec-mocks (~> 2.4.0)
    rspec-core (2.4.0)
    rspec-expectations (2.4.0)
      diff-lcs (~> 1.1.2)
    rspec-mocks (2.4.0)
    thor (0.14.6)

PLATFORMS
  ruby

DEPENDENCIES
  rake
  rspec
  thor
